NUGET
  remote: https://www.nuget.org/api/v2
    FSharp.Configuration (0.6.4)
    VainZero.FsYaml (2.3.3)
      FSharp.Configuration (0.6.4)
      YamlDotNet (>= 4.1 < 5.0)
    YamlDotNet (4.1)
GITHUB
  remote: fsprojects/Chessie
    src/Chessie/ErrorHandling.fs (f0237b5d23da6dbc33d8aab59c8be947f6878dfb)
GROUP UnitTest
NUGET
  remote: https://www.nuget.org/api/v2
    Persimmon (1.2)
    Persimmon.Console (1.2)
